GEM
  remote: http://rubygems.org/
  remote: http://rubygems.org/
  specs:
    actionmailer (2.3.5)
      actionpack (= 2.3.5)
    actionpack (2.3.5)
      activesupport (= 2.3.5)
      rack (~> 1.0.0)
    activerecord (2.3.5)
      activesupport (= 2.3.5)
    activeresource (2.3.5)
      activesupport (= 2.3.5)
    activesupport (2.3.5)
    declarative_authorization (0.5.1)
    fattr (2.2.1)
    hoe (2.0.0)
      rake (>= 0.8.4)
      rubyforge (>= 1.0.3)
    i18n (0.4.2)
    json (1.7.5)
    json_pure (1.7.5)
    mysql (2.8.1)
    pg (0.14.1)
    rack (1.0.1)
    rails (2.3.5)
      actionmailer (= 2.3.5)
      actionpack (= 2.3.5)
      activerecord (= 2.3.5)
      activeresource (= 2.3.5)
      activesupport (= 2.3.5)
      rake (>= 0.8.3)
    rake (0.8.7)
    rdoc (3.12)
      json (~> 1.4)
    remotipart (1.0.2)
    rubyforge (2.0.4)
      json_pure (>= 1.1.7)
    rush (0.6.8)
      session
    session (3.1.0)
      fattr
    sqlite3-ruby (1.2.5)
    test-unit (1.2.3)
      hoe (>= 1.5.1)
    wkhtmltopdf-binary (0.9.5.3)

PLATFORMS
  ruby

DEPENDENCIES
  declarative_authorization (= 0.5.1)
  hoe (= 2.0.0)
  i18n (= 0.4.2)
  mysql (= 2.8.1)
  pg
  rails (= 2.3.5)
  rake (= 0.8.7)
  rdoc
  remotipart (~> 1.0)
  rush (= 0.6.8)
  sqlite3-ruby (= 1.2.5)
  test-unit (= 1.2.3)
  wkhtmltopdf-binary
